GEM
  remote: https://rubygems.org/
  specs:
    addressable (2.8.0)
      public_suffix (>= 2.0.2, < 5.0)
    cookiejar (0.3.3)
    em-eventsource (0.3.2)
      em-http-request (~> 1.0)
      eventmachine (~> 1.0)
    em-http-request (1.1.7)
      addressable (>= 2.3.4)
      cookiejar (!= 0.3.1)
      em-socksify (>= 0.3)
      eventmachine (>= 1.0.3)
      http_parser.rb (>= 0.6.0)
    em-socksify (0.3.2)
      eventmachine (>= 1.0.0.beta.4)
    ethon (0.15.0)
      ffi (>= 1.15.0)
    eventmachine (1.2.7)
    ffi (1.15.4)
    http_parser.rb (0.8.0)
    public_suffix (4.0.6)
    typhoeus (1.4.0)
      ethon (>= 0.9.0)

PLATFORMS
  x86_64-darwin-20
  x86_64-linux

DEPENDENCIES
  em-eventsource
  typhoeus

RUBY VERSION
   ruby 3.0.3p157

BUNDLED WITH
   2.2.32
